GEM
  remote: https://rubygems.org/
  specs:
    erubis (2.7.0)
    macaddr (1.7.2)
      systemu (~> 2.6.5)
    minitest (5.16.3)
    multi_json (1.15.0)
    mustermann (2.0.2)
      ruby2_keywords (~> 0.0.1)
    rack (2.2.4)
    rack-protection (2.2.2)
      rack
    rack-test (2.0.2)
      rack (>= 1.3)
    ruby2_keywords (0.0.5)
    sinatra (2.2.2)
      mustermann (~> 2.0)
      rack (~> 2.2)
      rack-protection (= 2.2.2)
      tilt (~> 2.0)
    sinatra-contrib (2.2.2)
      multi_json
      mustermann (~> 2.0)
      rack-protection (= 2.2.2)
      sinatra (= 2.2.2)
      tilt (~> 2.0)
    systemu (2.6.5)
    tilt (2.0.11)
    uuid (2.3.9)
      macaddr (~> 1.0)

PLATFORMS
  ruby

DEPENDENCIES
  erubis
  minitest
  rack-test
  sinatra
  sinatra-contrib
  uuid

RUBY VERSION
   ruby 2.7.2p137

BUNDLED WITH
   2.1.4
